PATH
  remote: .
  specs:
    laksa (0.1.0)
      bitcoin-secp256k1
      jsonrpc-client
      pbkdf2-ruby
      protobuf
      scrypt

GEM
  remote: https://rubygems.org/
  specs:
    activesupport (5.2.2)
      concurrent-ruby (~> 1.0, >= 1.0.2)
      i18n (>= 0.7, < 2)
      minitest (~> 5.1)
      tzinfo (~> 1.1)
    bitcoin-secp256k1 (0.5.0)
      ffi (>= 1.9.25)
    concurrent-ruby (1.1.4)
    faraday (0.15.4)
      multipart-post (>= 1.2, < 3)
    ffi (1.10.0)
    ffi-compiler (1.0.1)
      ffi (>= 1.0.0)
      rake
    i18n (1.5.3)
      concurrent-ruby (~> 1.0)
    jsonrpc-client (0.1.3)
      faraday
      multi_json (>= 1.1.0)
    middleware (0.1.0)
    minitest (5.11.3)
    multi_json (1.13.1)
    multipart-post (2.0.0)
    pbkdf2-ruby (0.2.1)
    protobuf (3.8.5)
      activesupport (>= 3.2)
      middleware
      thor
      thread_safe
    rake (10.5.0)
    scrypt (3.0.6)
      ffi-compiler (>= 1.0, < 2.0)
    thor (0.20.3)
    thread_safe (0.3.6)
    tzinfo (1.2.5)
      thread_safe (~> 0.1)

PLATFORMS
  ruby

DEPENDENCIES
  bundler (~> 1.16)
  laksa!
  minitest (~> 5.0)
  rake (~> 10.0)

BUNDLED WITH
   1.16.6
