PATH
  remote: .
  specs:
    laksa (0.1.0)
      bitcoin-secp256k1
      jimson
      pbkdf2-ruby
      protobuf
      scrypt

GEM
  remote: https://rubygems.org/
  specs:
    activesupport (5.2.2)
      concurrent-ruby (~> 1.0, >= 1.0.2)
      i18n (>= 0.7, < 2)
      minitest (~> 5.1)
      tzinfo (~> 1.1)
    bitcoin-secp256k1 (0.5.0)
      ffi (>= 1.9.25)
    blankslate (3.1.3)
    concurrent-ruby (1.1.4)
    domain_name (0.5.20180417)
      unf (>= 0.0.5, < 1.0.0)
    ffi (1.10.0)
    ffi-compiler (1.0.1)
      ffi (>= 1.0.0)
      rake
    http-cookie (1.0.3)
      domain_name (~> 0.5)
    i18n (1.5.1)
      concurrent-ruby (~> 1.0)
    jimson (0.11.0)
      blankslate (~> 3.1, >= 3.1.3)
      multi_json (~> 1, >= 1.11.2)
      rack (~> 1, >= 1.4.5)
      rest-client (~> 1, >= 1.7.3)
    middleware (0.1.0)
    mime-types (2.99.3)
    minitest (5.11.3)
    multi_json (1.13.1)
    netrc (0.11.0)
    pbkdf2-ruby (0.2.1)
    protobuf (3.8.5)
      activesupport (>= 3.2)
      middleware
      thor
      thread_safe
    rack (1.6.11)
    rake (10.5.0)
    rest-client (1.8.0)
      http-cookie (>= 1.0.2, < 2.0)
      mime-types (>= 1.16, < 3.0)
      netrc (~> 0.7)
    scrypt (3.0.6)
      ffi-compiler (>= 1.0, < 2.0)
    thor (0.20.3)
    thread_safe (0.3.6)
    tzinfo (1.2.5)
      thread_safe (~> 0.1)
    unf (0.1.4)
      unf_ext
    unf_ext (0.0.7.5)

PLATFORMS
  ruby

DEPENDENCIES
  bundler (~> 1.16)
  laksa!
  minitest (~> 5.0)
  rake (~> 10.0)

BUNDLED WITH
   1.16.6
