PATH
  remote: .
  specs:
    laksa (0.1.0)
      bitcoin-secp256k1
      pbkdf2-ruby
      scrypt

GEM
  remote: https://rubygems.org/
  specs:
    bitcoin-secp256k1 (0.5.0)
      ffi (>= 1.9.25)
    ffi (1.10.0)
    ffi-compiler (1.0.1)
      ffi (>= 1.0.0)
      rake
    minitest (5.11.3)
    pbkdf2-ruby (0.2.1)
    rake (10.5.0)
    scrypt (3.0.6)
      ffi-compiler (>= 1.0, < 2.0)

PLATFORMS
  ruby

DEPENDENCIES
  bundler (~> 1.16)
  laksa!
  minitest (~> 5.0)
  rake (~> 10.0)

BUNDLED WITH
   1.16.6
