PATH
  remote: .
  specs:
    laksa (0.1.0)
      bitcoin-ruby
      bitcoin-secp256k1
      google-protobuf
      jsonrpc-client
      pbkdf2-ruby
      scrypt

GEM
  remote: https://rubygems.org/
  specs:
    bitcoin-ruby (0.0.19)
      eventmachine
      ffi
      scrypt
    bitcoin-secp256k1 (0.5.1)
      ffi (>= 1.9.25)
    eventmachine (1.2.7)
    faraday (0.15.4)
      multipart-post (>= 1.2, < 3)
    ffi (1.11.1)
    ffi-compiler (1.0.1)
      ffi (>= 1.0.0)
      rake
    google-protobuf (3.7.1)
    jsonrpc-client (0.1.3)
      faraday
      multi_json (>= 1.1.0)
    minitest (5.11.3)
    multi_json (1.13.1)
    multipart-post (2.1.1)
    pbkdf2-ruby (0.2.1)
    rake (13.0.1)
    scrypt (3.0.6)
      ffi-compiler (>= 1.0, < 2.0)

PLATFORMS
  ruby

DEPENDENCIES
  bundler (~> 1.16)
  laksa!
  minitest (~> 5.0)
  rake (~> 13.0)

BUNDLED WITH
   1.17.2
